GEM
  remote: http://rubygems.org/
  specs:
    levenshtein (0.2.2)

PLATFORMS
  ruby

DEPENDENCIES
  levenshtein

BUNDLED WITH
   1.10.4
